GEM
  remote: https://rubygems.org/
  specs:
    kramdown (2.5.1)
      rexml (>= 3.3.9)
    rexml (3.4.1)
    rouge (4.5.2)
    yard (0.9.37)

PLATFORMS
  ruby
  x86_64-darwin-24

DEPENDENCIES
  kramdown (~> 2.4)
  rouge (~> 4.2)
  yard (~> 0.9)

BUNDLED WITH
   2.6.9
